PATH
  remote: .
  specs:
    forgery (0.5.0)

GEM
  remote: http://rubygems.org/
  specs:
    diff-lcs (1.2.5)
    rspec (2.99.0)
      rspec-core (~> 2.99.0)
      rspec-expectations (~> 2.99.0)
      rspec-mocks (~> 2.99.0)
    rspec-core (2.99.2)
    rspec-expectations (2.99.2)
      diff-lcs (>= 1.1.3, < 2.0)
    rspec-mocks (2.99.4)

PLATFORMS
  ruby

DEPENDENCIES
  forgery!
  rspec (~> 2.0)

BUNDLED WITH
   1.10.6
